GEM
  remote: http://rubygems.org/
  specs:
    dotenv (2.8.1)
    jwt (2.5.0)
    mustermann (2.0.2)
      ruby2_keywords (~> 0.0.1)
    nio4r (2.5.8)
    puma (5.6.5)
      nio4r (~> 2.0)
    rack (2.2.4)
    rack-protection (2.2.3)
      rack
    ruby2_keywords (0.0.5)
    sinatra (2.2.3)
      mustermann (~> 2.0)
      rack (~> 2.2)
      rack-protection (= 2.2.3)
      tilt (~> 2.0)
    tilt (2.0.11)

PLATFORMS
  aarch64-linux
  x86_64-linux

DEPENDENCIES
  dotenv
  jwt (~> 2.5)
  puma
  sinatra (~> 2.2)

BUNDLED WITH
   2.3.7
